GIT
  remote: git://github.com/redu/permit-gem.git
  revision: b5e8dc0ef47ca10c9270f8e41e8a2f3056e9230c
  specs:
    permit (0.0.3)
      amqp (~> 0.9.1)
      configurable
      faraday (~> 0.8.4)
      logger
      patron (~> 0.4.18)
      yajl-ruby

GIT
  remote: https://github.com/intridea/grape.git
  revision: 1742bbc870f34ccef9c3b581a93f79be7d6f9328
  specs:
    grape (0.2.1)
      hashie (~> 1.2)
      multi_json
      multi_xml
      rack
      rack-mount
      virtus

GEM
  remote: https://rubygems.org/
  specs:
    activemodel (3.2.8)
      activesupport (= 3.2.8)
      builder (~> 3.0.0)
    activesupport (3.2.8)
      i18n (~> 0.6)
      multi_json (~> 1.0)
    addressable (2.3.2)
    amq-client (0.9.4)
      amq-protocol (>= 0.9.4)
      eventmachine
    amq-protocol (0.9.5)
    amqp (0.9.7)
      amq-client (~> 0.9.4)
      amq-protocol (>= 0.9.4)
      eventmachine
    async-rack (0.5.1)
      rack (~> 1.1)
    backports (2.6.4)
    builder (3.0.3)
    cancan (1.6.8)
    columnize (0.3.6)
    config_parser (0.5.5)
    configurable (1.0.0)
      config_parser (~> 0.5.4)
      lazydoc (~> 1.0)
    cookiejar (0.3.0)
    crack (0.3.1)
    debugger (1.2.0)
      columnize (>= 0.3.1)
      debugger-linecache (~> 1.1.1)
      debugger-ruby_core_source (~> 1.1.3)
    debugger-linecache (1.1.2)
      debugger-ruby_core_source (>= 1.1.1)
    debugger-ruby_core_source (1.1.3)
    diff-lcs (1.1.3)
    em-http-request (1.0.3)
      addressable (>= 2.2.3)
      cookiejar
      em-socksify
      eventmachine (>= 1.0.0.beta.4)
      http_parser.rb (>= 0.5.3)
    em-socksify (0.2.1)
      eventmachine (>= 1.0.0.beta.4)
    em-synchrony (1.0.2)
      eventmachine (>= 1.0.0.beta.1)
    em-websocket (0.3.8)
      addressable (>= 2.1.1)
      eventmachine (>= 0.12.9)
    erubis (2.7.0)
    eventmachine (1.0.0)
    factory_girl (4.1.0)
      activesupport (>= 3.0.0)
    faraday (0.8.4)
      multipart-post (~> 1.1)
    goliath (1.0.0)
      async-rack
      em-synchrony (>= 1.0.0)
      em-websocket
      eventmachine (>= 1.0.0.beta.4)
      http_parser.rb (= 0.5.3)
      log4r
      multi_json
      rack (>= 1.2.2)
      rack-contrib
      rack-respond_to
    hashie (1.2.0)
    http_parser.rb (0.5.3)
    i18n (0.6.1)
    json (1.7.5)
    lazydoc (1.0)
    log4r (1.1.10)
    logger (1.2.8)
    mongoid (3.0.6)
      activemodel (~> 3.1)
      moped (~> 1.1)
      origin (~> 1.0)
      tzinfo (~> 0.3.22)
    mongoid-rspec (1.5.4)
      mongoid (>= 3.0.1)
      rake
      rspec (>= 2.9)
    moped (1.2.5)
    multi_json (1.3.6)
    multi_xml (0.5.1)
    multipart-post (1.1.5)
    nokogiri (1.5.5)
    origin (1.0.9)
    patron (0.4.18)
    rack (1.4.1)
    rack-accept-media-types (0.9)
    rack-contrib (1.1.0)
      rack (>= 0.9.1)
    rack-cors (0.2.7)
      rack
    rack-mount (0.8.3)
      rack (>= 1.0.0)
    rack-respond_to (0.9.8)
      rack-accept-media-types (>= 0.6)
    rack-test (0.6.1)
      rack (>= 1.0)
    rake (0.9.2.2)
    representable (1.2.5)
      json
      nokogiri
    roar (0.11.3)
      representable (>= 1.2.2)
    rspec (2.11.0)
      rspec-core (~> 2.11.0)
      rspec-expectations (~> 2.11.0)
      rspec-mocks (~> 2.11.0)
    rspec-core (2.11.1)
    rspec-expectations (2.11.3)
      diff-lcs (~> 1.1.3)
    rspec-mocks (2.11.3)
    tzinfo (0.3.33)
    virtus (0.5.2)
      backports (~> 2.6.1)
    webmock (1.8.11)
      addressable (>= 2.2.7)
      crack (>= 0.1.7)
    yajl-ruby (1.1.0)

PLATFORMS
  ruby

DEPENDENCIES
  cancan
  debugger
  em-http-request
  erubis
  factory_girl
  goliath
  grape!
  mongoid (~> 3.0.0)
  mongoid-rspec
  permit!
  rack-cors
  rack-test
  roar
  rspec
  webmock
